GIT
  remote: git://github.com/eventmachine/eventmachine.git
  revision: abe347b824e36453f8a013fbe14323342a2ac8de
  specs:
    eventmachine (1.3.0.dev.1)

GIT
  remote: git://github.com/igrigorik/em-http-request.git
  revision: 34919d760b940dfd27159bbebce5c4dac9845eb6
  specs:
    em-http-request (1.1.7)
      addressable (>= 2.3.4)
      cookiejar (!= 0.3.1)
      em-socksify (>= 0.3)
      eventmachine (>= 1.0.3)
      http_parser.rb (>= 0.6.0)

GEM
  remote: http://rubygems.org/
  specs:
    addressable (2.8.0)
      public_suffix (>= 2.0.2, < 5.0)
    cookiejar (0.3.3)
    em-socksify (0.3.2)
      eventmachine (>= 1.0.0.beta.4)
    em-stathat (0.1.0)
      em-http-request (~> 1.0)
    http_parser.rb (0.7.0)
    log4r (1.1.10)
    public_suffix (4.0.6)
    yajl-ruby (1.3.1)

PLATFORMS
  ruby

DEPENDENCIES
  em-http-request!
  em-stathat (>= 0.1.0)
  eventmachine!
  log4r
  yajl-ruby

BUNDLED WITH
   1.17.3
