GIT
  remote: git://github.com/eventmachine/eventmachine.git
  revision: 9d1b1a0e47aa4e0b52de8850db5a634ec02e363b
  specs:
    eventmachine (1.3.0.dev.1)

GIT
  remote: git://github.com/igrigorik/em-http-request.git
  revision: d97d572bf65edb259bc512f30212691c77ee80db
  specs:
    em-http-request (1.1.7)
      addressable (>= 2.3.4)
      cookiejar (!= 0.3.1)
      em-socksify (>= 0.3)
      eventmachine (>= 1.0.3)
      http_parser.rb (>= 0.6.0)

GEM
  remote: http://rubygems.org/
  specs:
    addressable (2.7.0)
      public_suffix (>= 2.0.2, < 5.0)
    cookiejar (0.3.3)
    em-socksify (0.3.2)
      eventmachine (>= 1.0.0.beta.4)
    em-stathat (0.1.0)
      em-http-request (~> 1.0)
    http_parser.rb (0.6.0)
    log4r (1.1.10)
    public_suffix (4.0.6)
    yajl-ruby (1.3.1)

PLATFORMS
  ruby

DEPENDENCIES
  em-http-request!
  em-stathat (>= 0.1.0)
  eventmachine!
  log4r
  yajl-ruby

BUNDLED WITH
   1.17.3
